GEM
  remote: https://rubygems.org/
  specs:
    base64 (0.2.0)
    eppo-server-sdk (3.3.0-aarch64-linux)
    eppo-server-sdk (3.3.0-aarch64-linux-musl)
    eppo-server-sdk (3.3.0-arm-linux)
    eppo-server-sdk (3.3.0-arm64-darwin)
    eppo-server-sdk (3.3.0-x86_64-linux)
    eppo-server-sdk (3.3.0-x86_64-linux-musl)
    logger (1.6.3)
    mustermann (3.0.3)
      ruby2_keywords (~> 0.0.1)
    nio4r (2.7.4)
    puma (6.5.0)
      nio4r (~> 2.0)
    rack (3.1.8)
    rack-protection (4.1.1)
      base64 (>= 0.1.0)
      logger (>= 1.6.0)
      rack (>= 3.0.0, < 4)
    rack-session (2.0.0)
      rack (>= 3.0.0)
    ruby2_keywords (0.0.5)
    sinatra (4.1.1)
      logger (>= 1.6.0)
      mustermann (~> 3.0)
      rack (>= 3.0.0, < 4)
      rack-protection (= 4.1.1)
      rack-session (>= 2.0.0, < 3)
      tilt (~> 2.0)
    tilt (2.4.0)

PLATFORMS
  aarch64-linux
  aarch64-linux-musl
  arm-linux
  arm64-darwin
  x86_64-linux
  x86_64-linux-musl

DEPENDENCIES
  eppo-server-sdk
  puma
  sinatra

BUNDLED WITH
   2.5.9
